PATH
  remote: .
  specs:
    fastimage (1.6.6)

GEM
  remote: https://rubygems.org/
  specs:
    addressable (2.3.6)
    fakeweb (1.3.0)
    json (1.8.1)
    rake (10.3.1)
    rdoc (4.1.1)
      json (~> 1.4)

PLATFORMS
  ruby

DEPENDENCIES
  addressable (~> 2.3, >= 2.3.5)
  fakeweb (~> 1.3)
  fastimage!
  rake
  rdoc
